PATH
  remote: .
  specs:
    lotus-i18n (0.0.1)
      i18n

GEM
  remote: https://rubygems.org/
  specs:
    ansi (1.4.3)
    awesome_print (1.1.0)
    columnize (0.3.6)
    debugger (1.6.0)
      columnize (>= 0.3.1)
      debugger-linecache (~> 1.2.0)
      debugger-ruby_core_source (~> 1.2.1)
    debugger-linecache (1.2.0)
    debugger-ruby_core_source (1.2.3)
    diff-lcs (1.1.3)
    i18n (0.6.4)
    metaclass (0.0.1)
    minitest (4.7.0)
    mocha (0.14.0)
      metaclass (~> 0.0.1)
    rake (10.1.0)
    rspec (2.10.0)
      rspec-core (~> 2.10.0)
      rspec-expectations (~> 2.10.0)
      rspec-mocks (~> 2.10.0)
    rspec-core (2.10.1)
    rspec-expectations (2.10.0)
      diff-lcs (~> 1.1.3)
    rspec-mocks (2.10.1)
    turn (0.9.6)
      ansi

PLATFORMS
  ruby

DEPENDENCIES
  ansi
  awesome_print
  debugger
  lotus-i18n!
  minitest (= 4.7.0)
  mocha
  rake
  rspec (~> 2.10.0)
  turn
